GEM
  remote: https://rubygems.org/
  specs:
    addressable (2.2.8)
    daemons (1.2.3)
    eventmachine (1.0.8)
    faraday (0.5.7)
      addressable (~> 2.2.4)
      multipart-post (~> 1.1.0)
      rack (>= 1.1.0, < 2)
    haml (4.0.7)
      tilt
    json (1.8.3)
    multi_json (0.0.5)
    multipart-post (1.1.5)
    oauth2 (0.1.1)
      faraday (~> 0.5.0)
      multi_json (~> 0.0.4)
    rack (1.6.4)
    rack-protection (1.5.3)
      rack
    sass (3.4.19)
    sinatra (1.4.6)
      rack (~> 1.4)
      rack-protection (~> 1.4)
      tilt (>= 1.3, < 3)
    thin (1.6.4)
      daemons (~> 1.0, >= 1.0.9)
      eventmachine (~> 1.0, >= 1.0.4)
      rack (~> 1.0)
    tilt (2.0.1)

PLATFORMS
  ruby

DEPENDENCIES
  haml
  json
  oauth2 (= 0.1.1)
  sass
  sinatra
  thin
